GEM
  remote: http://rubygems.org/
  specs:
    rake (0.9.2)
    redgreen (1.2.2)
    xml-simple (1.1.1)

PLATFORMS
  ruby

DEPENDENCIES
  rake
  redgreen
  xml-simple
